GIT
  remote: https://github.com/sinatra/sinatra-contrib.git
  revision: edea06a97a502fe96802247e28b10c8799fd6aca
  specs:
    sinatra-contrib (2.0.0)
      backports (>= 2.0)
      multi_json
      rack-protection
      rack-test
      sinatra
      tilt (>= 1.3, < 3)

GEM
  remote: http://rubygems.org/
  specs:
    backports (3.6.8)
    domain_name (0.5.20160310)
      unf (>= 0.0.5, < 1.0.0)
    http-cookie (1.0.2)
      domain_name (~> 0.5)
    json (1.8.3)
    mime-types (2.99.2)
    multi_json (1.12.1)
    netrc (0.11.0)
    rack (1.6.4)
    rack-protection (1.5.3)
      rack
    rack-test (0.6.3)
      rack (>= 1.0)
    rest-client (1.8.0)
      http-cookie (>= 1.0.2, < 2.0)
      mime-types (>= 1.16, < 3.0)
      netrc (~> 0.7)
    rubygems-update (2.6.4)
    sinatra (1.4.7)
      rack (~> 1.5)
      rack-protection (~> 1.4)
      tilt (>= 1.3, < 3)
    tilt (2.0.5)
    unf (0.1.4)
      unf_ext
    unf_ext (0.0.7.2)

PLATFORMS
  ruby

DEPENDENCIES
  bundler
  json
  rest-client
  rubygems-update
  sinatra
  sinatra-contrib!

BUNDLED WITH
   1.10.6
